FRAMEWORK: >= NET462
NUGET
  remote: https://api.nuget.org/v3/index.json
    Castle.Core (4.0)
    FluentAssertions (4.19.2)
    GitVersionTask (3.6.5)
    HtmlAgilityPack (1.4.9.5)
    HttpMock (1.3.3)
      Kayak (>= 0.7.2)
      log4net (>= 2.0.5)
      NUnit (>= 3.4.1)
    Kayak (0.7.2)
    log4net (2.0.8) - redirects: force
    Microsoft.Win32.Primitives (4.3) - redirects: force, framework: >= net463
    Moq (4.7.10)
      Castle.Core (>= 4.0)
    msdn.4.5.2 (0.1.0-alpha-1611021200)
    NETStandard.Library (1.6.1) - redirects: force, framework: >= net463
      Microsoft.Win32.Primitives (>= 4.3)
      System.AppContext (>= 4.3)
      System.Collections.Concurrent (>= 4.3)
      System.Console (>= 4.3)
      System.Diagnostics.Tracing (>= 4.3)
      System.Globalization.Calendars (>= 4.3)
      System.IO.Compression (>= 4.3)
      System.IO.Compression.ZipFile (>= 4.3)
      System.IO.FileSystem (>= 4.3)
      System.IO.FileSystem.Primitives (>= 4.3)
      System.Net.Http (>= 4.3)
      System.Net.Sockets (>= 4.3)
      System.Runtime.Handles (>= 4.3)
      System.Runtime.InteropServices (>= 4.3)
      System.Runtime.InteropServices.RuntimeInformation (>= 4.3)
      System.Runtime.Numerics (>= 4.3)
      System.Security.Cryptography.Algorithms (>= 4.3)
      System.Security.Cryptography.Encoding (>= 4.3)
      System.Security.Cryptography.Primitives (>= 4.3)
      System.Security.Cryptography.X509Certificates (>= 4.3)
      System.Threading.Timer (>= 4.3)
    Newtonsoft.Json (10.0.2)
    NUnit (3.6.1) - redirects: force
      NETStandard.Library (>= 1.6) - framework: >= net463
      System.Runtime.Loader (>= 4.0) - framework: >= net463
    System.AppContext (4.3) - redirects: force, framework: >= net463
    System.Collections.Concurrent (4.3) - redirects: force, framework: >= net463
    System.Console (4.3) - redirects: force, framework: >= net463
    System.Diagnostics.Tracing (4.3) - redirects: force, framework: >= net463
    System.Globalization.Calendars (4.3) - redirects: force, framework: >= net463
    System.IO (4.3) - redirects: force, framework: >= net463
    System.IO.Compression (4.3) - redirects: force, framework: >= net463
    System.IO.Compression.ZipFile (4.3) - redirects: force, framework: >= net463
    System.IO.FileSystem (4.3) - redirects: force, framework: >= net463
      System.IO.FileSystem.Primitives (>= 4.3)
    System.IO.FileSystem.Primitives (4.3) - redirects: force
    System.Net.Http (4.3.2) - redirects: force, framework: >= net463
      System.Security.Cryptography.X509Certificates (>= 4.3)
    System.Net.Sockets (4.3) - redirects: force, framework: >= net463
    System.Runtime (4.3) - redirects: force
    System.Runtime.Handles (4.3) - redirects: force, framework: >= net463
    System.Runtime.InteropServices (4.3) - redirects: force, framework: >= net463
      System.Runtime (>= 4.3)
    System.Runtime.InteropServices.RuntimeInformation (4.3) - redirects: force, framework: >= net463
    System.Runtime.Loader (4.3) - redirects: force, framework: >= net463
    System.Runtime.Numerics (4.3) - redirects: force, framework: >= net463
    System.Security.Cryptography.Algorithms (4.3) - redirects: force
      System.IO (>= 4.3) - framework: >= net463
      System.Runtime (>= 4.3) - framework: >= net463
      System.Security.Cryptography.Encoding (>= 4.3) - framework: >= net463
      System.Security.Cryptography.Primitives (>= 4.3) - framework: >= net463
    System.Security.Cryptography.Encoding (4.3) - redirects: force
    System.Security.Cryptography.Primitives (4.3) - redirects: force
    System.Security.Cryptography.X509Certificates (4.3) - redirects: force
      System.Security.Cryptography.Algorithms (>= 4.3)
      System.Security.Cryptography.Encoding (>= 4.3)
    System.Threading.Timer (4.3) - redirects: force, framework: >= net463
    VaraniumSharp (1.14)
